GEM
  remote: https://rubygems.org/
  specs:
    artii (2.0.4)
    colored (1.2)
    highline (1.6.21)
    win32console (1.3.2-x86-mingw32)

PLATFORMS
  x86-mingw32

DEPENDENCIES
  artii
  colored
  highline
  win32console
